GEM
  remote: https://rubygems.org/
  specs:
    httparty (0.13.7)
      json (~> 1.8)
      multi_xml (>= 0.5.2)
    json (1.8.3)
    mini_portile2 (2.0.0)
    multi_xml (0.5.5)
    nokogiri (1.6.7)
      mini_portile2 (~> 2.0.0.rc2)
    rack (1.6.4)

PLATFORMS
  ruby

DEPENDENCIES
  httparty
  nokogiri
  rack

BUNDLED WITH
   1.10.6
